GEM
  remote: https://rubygems.org/
  specs:
    ProMotion (1.1.2)
      methadone
    bubble-wrap (1.4.0)
    methadone (1.3.2)
      bundler
    motion-require (0.1.1)
    motion-support (0.2.6)
      motion-require (>= 0.0.6)
    motion_model (0.5.0)
      bubble-wrap (>= 1.3.0)
      motion-support (>= 0.1.0)
    rake (10.1.1)

PLATFORMS
  ruby

DEPENDENCIES
  ProMotion
  motion_model
  rake
